GEM
  remote: https://rubygems.org/
  specs:
    activesupport (3.2.13)
      i18n (= 0.6.1)
      multi_json (~> 1.0)
    adsf (1.1.1)
      rack (>= 1.0.0)
    chunky_png (1.2.8)
    colored (1.2)
    compass (0.12.2)
      chunky_png (~> 1.2)
      fssm (>= 0.2.7)
      sass (~> 3.1)
    cri (2.3.0)
      colored (>= 1.2)
    fssm (0.2.10)
    i18n (0.6.1)
    kramdown (1.0.2)
    mime-types (1.23)
    multi_json (1.7.3)
    nanoc (3.6.3)
      cri (~> 2.3)
    posix-spawn (0.3.6)
    pygments.rb (0.5.0)
      posix-spawn (~> 0.3.6)
      yajl-ruby (~> 1.1.0)
    rack (1.5.2)
    rake (10.0.4)
    redcarpet (2.2.2)
    sass (3.2.8)
    yajl-ruby (1.1.0)

PLATFORMS
  ruby

DEPENDENCIES
  activesupport
  adsf
  compass
  kramdown
  mime-types
  nanoc
  pygments.rb
  rake
  redcarpet
  sass
  yajl-ruby
